GEM
  remote: http://rubygems.org/
  specs:
    coffee-script (2.2.0)
      coffee-script-source
      execjs
    coffee-script-source (1.2.0)
    execjs (1.2.13)
      multi_json (~> 1.0)
    multi_json (1.0.4)

PLATFORMS
  ruby

DEPENDENCIES
  coffee-script (~> 2.2.0)
